PATH
  remote: .
  specs:
    zss (0.3.5)
      activesupport (>= 4.2)
      daemons (~> 1.1)
      em-zeromq (~> 0.5)
      ffi-rzmq (~> 2.0)
      hashie (~> 3.2)
      logger_facade (~> 0.4.1)
      msgpack (~> 1.1.0)
      party_foul

GEM
  remote: https://rubygems.org/
  specs:
    activesupport (5.2.1)
      concurrent-ruby (~> 1.0, >= 1.0.2)
      i18n (>= 0.7, < 2)
      minitest (~> 5.1)
      tzinfo (~> 1.1)
    addressable (2.3.8)
    airbrake (4.3.8)
      builder
      multi_json
    builder (3.2.3)
    bump (0.5.1)
    celluloid (0.17.3)
      celluloid-essentials
      celluloid-extras
      celluloid-fsm
      celluloid-pool
      celluloid-supervision
      timers (>= 4.1.1)
    celluloid-essentials (0.20.5)
      timers (>= 4.1.1)
    celluloid-extras (0.20.5)
      timers (>= 4.1.1)
    celluloid-fsm (0.20.5)
      timers (>= 4.1.1)
    celluloid-pool (0.20.5)
      timers (>= 4.1.1)
    celluloid-supervision (0.20.6)
      timers (>= 4.1.1)
    codeclimate-test-reporter (0.4.6)
      simplecov (>= 0.7.1, < 1.0.0)
    coderay (1.1.0)
    concurrent-ruby (1.0.5)
    daemons (1.2.6)
    diff-lcs (1.2.5)
    docile (1.1.5)
    em-zeromq (0.5.0)
      eventmachine (>= 1.0.0)
      ffi (>= 1.0.0)
      ffi-rzmq (~> 2.0.1)
    eventmachine (1.2.7)
    faraday (0.9.2)
      multipart-post (>= 1.2, < 3)
    ffi (1.9.25)
    ffi-rzmq (2.0.6)
      ffi-rzmq-core (>= 1.0.6)
    ffi-rzmq-core (1.0.6)
      ffi
    hashie (3.6.0)
    hitimes (1.3.0)
    i18n (1.1.1)
      concurrent-ruby (~> 1.0)
    logger_facade (0.4.1)
      airbrake (~> 4.0)
      hashie (~> 3.2)
      sucker_punch (~> 1.1)
    method_source (0.8.2)
    minitest (5.11.3)
    msgpack (1.1.0)
    multi_json (1.10.1)
    multipart-post (2.0.0)
    octokit (3.8.0)
      sawyer (~> 0.6.0, >= 0.5.3)
    party_foul (1.5.5)
      octokit (~> 3.1)
    pry (0.10.1)
      coderay (~> 1.1.0)
      method_source (~> 0.8.1)
      slop (~> 3.4)
    rake (10.4.2)
    rspec (3.2.0)
      rspec-core (~> 3.2.0)
      rspec-expectations (~> 3.2.0)
      rspec-mocks (~> 3.2.0)
    rspec-core (3.2.1)
      rspec-support (~> 3.2.0)
    rspec-expectations (3.2.0)
      diff-lcs (>= 1.2.0, < 2.0)
      rspec-support (~> 3.2.0)
    rspec-mocks (3.2.1)
      diff-lcs (>= 1.2.0, < 2.0)
      rspec-support (~> 3.2.0)
    rspec-support (3.2.2)
    sawyer (0.6.0)
      addressable (~> 2.3.5)
      faraday (~> 0.8, < 0.10)
    simplecov (0.9.2)
      docile (~> 1.1.0)
      multi_json (~> 1.0)
      simplecov-html (~> 0.9.0)
    simplecov-html (0.9.0)
    slop (3.6.0)
    sucker_punch (1.6.0)
      celluloid (~> 0.17.2)
    thread_safe (0.3.6)
    timers (4.1.2)
      hitimes
    tzinfo (1.2.5)
      thread_safe (~> 0.1)

PLATFORMS
  ruby

DEPENDENCIES
  bump (~> 0.5)
  bundler (~> 1.6)
  codeclimate-test-reporter (~> 0.3)
  pry (~> 0.10)
  rake (~> 10.3)
  rspec (~> 3.0)
  simplecov (~> 0.9)
  zss!

BUNDLED WITH
   1.16.4
