PATH
  remote: .
  specs:
    zss (0.2.5)
      activesupport (= 4.1)
      daemons (~> 1.1)
      em-zeromq (~> 0.5)
      ffi-rzmq (~> 2.0)
      hashie (~> 3.2)
      logger_facade (~> 0.3.2)
      msgpack (~> 0.5)

GEM
  remote: https://rubygems.org/
  specs:
    activesupport (4.1.0)
      i18n (~> 0.6, >= 0.6.9)
      json (~> 1.7, >= 1.7.7)
      minitest (~> 5.1)
      thread_safe (~> 0.1)
      tzinfo (~> 1.1)
    airbrake (4.1.0)
      builder
      multi_json
    builder (3.2.2)
    bump (0.5.1)
    celluloid (0.16.0)
      timers (~> 4.0.0)
    codeclimate-test-reporter (0.4.5)
      simplecov (>= 0.7.1, < 1.0.0)
    coderay (1.1.0)
    daemons (1.1.9)
    diff-lcs (1.2.5)
    docile (1.1.5)
    em-zeromq (0.5.0)
      eventmachine (>= 1.0.0)
      ffi (>= 1.0.0)
      ffi-rzmq (~> 2.0.1)
    eventmachine (1.0.4)
    ffi (1.9.6)
    ffi-rzmq (2.0.1)
      ffi-rzmq-core (>= 1.0.1)
    ffi-rzmq-core (1.0.3)
      ffi (~> 1.9)
    hashie (3.3.2)
    hitimes (1.2.2)
    i18n (0.7.0)
    json (1.8.2)
    logger_facade (0.3.2)
      airbrake (~> 4.0)
      hashie (~> 3.2)
      sucker_punch (~> 1.1)
      yajl-ruby (~> 1.2)
    method_source (0.8.2)
    minitest (5.5.1)
    msgpack (0.5.10)
    multi_json (1.10.1)
    pry (0.10.1)
      coderay (~> 1.1.0)
      method_source (~> 0.8.1)
      slop (~> 3.4)
    rake (10.4.2)
    rspec (3.1.0)
      rspec-core (~> 3.1.0)
      rspec-expectations (~> 3.1.0)
      rspec-mocks (~> 3.1.0)
    rspec-core (3.1.7)
      rspec-support (~> 3.1.0)
    rspec-expectations (3.1.2)
      diff-lcs (>= 1.2.0, < 2.0)
      rspec-support (~> 3.1.0)
    rspec-mocks (3.1.3)
      rspec-support (~> 3.1.0)
    rspec-support (3.1.2)
    simplecov (0.9.1)
      docile (~> 1.1.0)
      multi_json (~> 1.0)
      simplecov-html (~> 0.8.0)
    simplecov-html (0.8.0)
    slop (3.6.0)
    sucker_punch (1.3.2)
      celluloid (~> 0.16.0)
    thread_safe (0.3.4)
    timers (4.0.1)
      hitimes
    tzinfo (1.2.2)
      thread_safe (~> 0.1)
    yajl-ruby (1.2.1)

PLATFORMS
  ruby

DEPENDENCIES
  bump (~> 0.5)
  bundler (~> 1.6)
  codeclimate-test-reporter (~> 0.3)
  pry (~> 0.10)
  rake (~> 10.3)
  rspec (~> 3.0)
  simplecov (~> 0.9)
  zss!
